GEM
  remote: https://rubygems.org/
  specs:
    activesupport (7.0.3)
      concurrent-ruby (~> 1.0, >= 1.0.2)
      i18n (>= 1.6, < 2)
      minitest (>= 5.1)
      tzinfo (~> 2.0)
    claide (0.8.2)
    clamp (0.6.5)
    cocoapods (0.37.2)
      activesupport (>= 3.2.15)
      claide (~> 0.8.1)
      cocoapods-core (= 0.37.2)
      cocoapods-downloader (~> 0.9.0)
      cocoapods-plugins (~> 0.4.2)
      cocoapods-trunk (~> 0.6.1)
      cocoapods-try (~> 0.4.5)
      colored (~> 1.2)
      escape (~> 0.0.4)
      molinillo (~> 0.2.3)
      nap (~> 0.8)
      xcodeproj (~> 0.24.2)
    cocoapods-core (0.37.2)
      activesupport (>= 3.2.15)
      fuzzy_match (~> 2.0.4)
      nap (~> 0.8.0)
    cocoapods-downloader (0.9.1)
    cocoapods-plugins (0.4.2)
      nap
    cocoapods-trunk (0.6.1)
      nap (>= 0.8)
      netrc (= 0.7.8)
    cocoapods-try (0.4.5)
    colored (1.2)
    concurrent-ruby (1.1.10)
    escape (0.0.4)
    fuzzy_match (2.0.4)
    i18n (1.10.0)
      concurrent-ruby (~> 1.0)
    mini_portile (0.6.2)
    minitest (5.16.0)
    molinillo (0.2.3)
    nap (0.8.0)
    netrc (0.7.8)
    nokogiri (1.6.6.2)
      mini_portile (~> 0.6.0)
    rake (10.4.2)
    slather (1.8)
      clamp (~> 0.6)
      nokogiri (~> 1.6.3)
      xcodeproj (~> 0.24.1)
    tzinfo (2.0.4)
      concurrent-ruby (~> 1.0)
    xcodeproj (0.24.3)
      activesupport (>= 3)
      colored (~> 1.2)
    xcpretty (0.1.10)

PLATFORMS
  ruby

DEPENDENCIES
  cocoapods (~> 0.37.0)
  rake (~> 10.1)
  slather (~> 1.8)
  xcpretty (~> 0.1)
